PATH
  remote: .
  specs:
    sidekiq-corral (0.1.0)
      sidekiq (~> 6.0)

GEM
  remote: https://rubygems.org/
  specs:
    ast (2.4.2)
    connection_pool (2.4.1)
    json (2.6.3)
    minitest (5.18.1)
    minitest-color (0.0.2)
      minitest (~> 5)
    parallel (1.23.0)
    parser (3.2.2.1)
      ast (~> 2.4.1)
    prettier_print (1.2.1)
    rack (2.2.7)
    rainbow (3.1.1)
    rake (13.0.6)
    redis (4.8.1)
    regexp_parser (2.8.0)
    rexml (3.2.5)
    rubocop (1.42.0)
      json (~> 2.3)
      parallel (~> 1.10)
      parser (>= 3.1.2.1)
      rainbow (>= 2.2.2, < 4.0)
      regexp_parser (>= 1.8, < 3.0)
      rexml (>= 3.2.5, < 4.0)
      rubocop-ast (>= 1.24.1, < 2.0)
      ruby-progressbar (~> 1.7)
      unicode-display_width (>= 1.4.0, < 3.0)
    rubocop-ast (1.28.1)
      parser (>= 3.2.1.0)
    rubocop-minitest (0.31.0)
      rubocop (>= 1.39, < 2.0)
    rubocop-rake (0.6.0)
      rubocop (~> 1.0)
    ruby-progressbar (1.13.0)
    sidekiq (6.5.9)
      connection_pool (>= 2.2.5, < 3)
      rack (~> 2.0)
      redis (>= 4.5.0, < 5)
    syntax_tree (6.1.1)
      prettier_print (>= 1.2.0)
    unicode-display_width (2.4.2)

PLATFORMS
  arm64-darwin-22
  x86_64-linux

DEPENDENCIES
  minitest (~> 5.0)
  minitest-color (~> 0.0.2)
  rake (~> 13.0)
  rubocop (~> 1.21)
  rubocop-minitest (~> 0.31)
  rubocop-rake (~> 0.6)
  sidekiq-corral!
  syntax_tree (~> 6.1)

BUNDLED WITH
   2.4.14
